GEM
  remote: https://rubygems.org/
  specs:
    coderay (1.1.3)
    iconv (1.0.8)
    method_source (1.0.0)
    pry (0.14.1)
      coderay (~> 1.1)
      method_source (~> 1.0)
    sqlite3 (1.4.2)
    string_to_ipa (0.1.4)
      sqlite3

PLATFORMS
  x64-mingw32

DEPENDENCIES
  iconv
  pry
  sqlite3 (~> 1.3, >= 1.3.13)
  string_to_ipa

BUNDLED WITH
   2.1.4
